GEM
  remote: http://rubygems.org/
  specs:
    haml (3.1.1)
    rack (1.2.2)
    sinatra (1.2.6)
      rack (~> 1.1)
      tilt (< 2.0, >= 1.2.2)
    tilt (1.3.1)

PLATFORMS
  ruby

DEPENDENCIES
  haml
  rack (= 1.2.2)
  sinatra
