GEM
  remote: http://rubygems.org/
  specs:
    builder (2.1.2)
    crack (0.1.8)
    haml (3.1.1)
    httparty (0.7.4)
      crack (= 0.1.8)
    rack (1.2.2)
    sinatra (1.2.6)
      rack (~> 1.1)
      tilt (< 2.0, >= 1.2.2)
    tilt (1.3.1)
    twilio (3.0.1)
      builder (~> 2.1.2)
      httparty (~> 0.7.4)

PLATFORMS
  ruby

DEPENDENCIES
  haml
  rack (= 1.2.2)
  sinatra
  twilio
